GIT
  remote: https://github.com/CocoaPods/CLAide.git
  revision: 9e8b9072fd66f69b91999cd3838a4bbba043a7e5
  specs:
    claide (0.8.0)

GIT
  remote: https://github.com/CocoaPods/CocoaPods.git
  revision: 0740ff3a8310e9163dc139c9e60ee947de0752e6
  tag: 0.36.0.beta.1
  specs:
    cocoapods (0.36.0.beta.1)
      activesupport (>= 3.2.15)
      claide (~> 0.8.0)
      cocoapods-core (= 0.36.0.beta.1)
      cocoapods-downloader (~> 0.8.1)
      cocoapods-plugins (~> 0.4.0)
      cocoapods-trunk (~> 0.5.0)
      cocoapods-try (~> 0.4.3)
      colored (~> 1.2)
      escape (~> 0.0.4)
      molinillo (~> 0.2.0)
      nap (~> 0.8)
      open4 (~> 1.3)
      xcodeproj (~> 0.21.0)

GIT
  remote: https://github.com/CocoaPods/Core.git
  revision: b379dc4b484a733b0db060f8ed06facc06609fc3
  specs:
    cocoapods-core (0.36.0.beta.1)
      activesupport (>= 3.2.15)
      fuzzy_match (~> 2.0.4)
      nap (~> 0.8.0)

GIT
  remote: https://github.com/CocoaPods/Xcodeproj.git
  revision: 2ef226943bf432aef0b610fcbe8b99e9ae9ef1f8
  specs:
    xcodeproj (0.21.0)
      activesupport (>= 3)
      colored (~> 1.2)

GEM
  remote: https://rubygems.org/
  specs:
    activesupport (4.2.0)
      i18n (~> 0.7)
      json (~> 1.7, >= 1.7.7)
      minitest (~> 5.1)
      thread_safe (~> 0.3, >= 0.3.4)
      tzinfo (~> 1.1)
    cocoapods-downloader (0.8.1)
    cocoapods-plugins (0.4.0)
      nap
    cocoapods-trunk (0.5.0)
      nap (>= 0.8)
      netrc (= 0.7.8)
    cocoapods-try (0.4.3)
    colored (1.2)
    escape (0.0.4)
    fuzzy_match (2.0.4)
    i18n (0.7.0)
    json (1.8.1)
    minitest (5.5.0)
    molinillo (0.2.0)
    nap (0.8.0)
    netrc (0.7.8)
    open4 (1.3.4)
    thread_safe (0.3.4)
    tzinfo (1.2.2)
      thread_safe (~> 0.1)
    xcpretty (0.1.7)

PLATFORMS
  ruby

DEPENDENCIES
  claide!
  cocoapods!
  cocoapods-core!
  xcodeproj!
  xcpretty
